GEM
  remote: https://rubygems.org/
  specs:
    functions_framework (0.1.1)
      puma (~> 4.3)
      rack (~> 2.1)
    nio4r (2.5.2)
    puma (4.3.3)
      nio4r (~> 2.0)
    rack (2.2.2)

PLATFORMS
  ruby

DEPENDENCIES
  functions_framework (~> 0.1)

RUBY VERSION
   ruby 2.6.0p0

BUNDLED WITH
   2.1.4
