GEM
  remote: https://rubygems.org/
  specs:
    base64 (0.2.0)
    mustermann (1.1.1)
      ruby2_keywords (~> 0.0.1)
    rack (2.2.3)
    rack-protection (2.2.0)
      rack
    ruby2_keywords (0.0.5)
    sinatra (2.2.0)
      mustermann (~> 1.0)
      rack (~> 2.2)
      rack-protection (= 2.2.0)
      tilt (~> 2.0)
    tilt (2.0.10)
    webrick (1.7.0)

PLATFORMS
  ruby

DEPENDENCIES
  base64 (~> 0.2)
  sinatra (~> 2.2)
  webrick (~> 1.7)

BUNDLED WITH
   1.17.2
