GEM
  remote: https://rubygems.org/
  specs:
    base64 (0.2.0)
    cloud_events (0.7.1)
    ffi (1.17.0)
    functions_framework (1.4.1)
      cloud_events (>= 0.7.0, < 2.a)
      puma (>= 4.3.0, < 7.a)
      rack (>= 2.1, < 4.a)
    nio4r (2.7.1)
    puma (6.4.2)
      nio4r (~> 2.0)
    rack (3.0.10)
    webrick (1.8.1)

PLATFORMS
  x86_64-linux

DEPENDENCIES
  base64 (~> 0.2)
  ffi
  functions_framework (~> 1.4)
  rack (~> 3.0)
  webrick (~> 1.8)

BUNDLED WITH
   2.6.6
