GEM
  remote: https://rubygems.org/
  specs:
    base64 (0.2.0)
    cloud_events (0.1.2)
    functions_framework (0.5.2)
      cloud_events (~> 0.1)
      puma (~> 4.3)
      rack (~> 2.1)
    nio4r (2.5.9)
    puma (4.3.6)
      nio4r (~> 2.0)
    rack (2.2.3)
    webrick (1.7.0)

PLATFORMS
  ruby

DEPENDENCIES
  base64 (~> 0.2)
  functions_framework (~> 0.5.2)
  webrick (~> 1.7)

BUNDLED WITH
   2.3.5
