GEM
  remote: https://rubygems.org/
  specs:
    base64 (0.2.0)
    cloud_events (0.7.0)
    functions_framework (1.1.0)
      cloud_events (>= 0.7.0, < 2.a)
      puma (>= 4.3.0, < 6.a)
      rack (~> 2.1)
    nio4r (2.5.9)
    puma (5.6.2)
      nio4r (~> 2.0)
    rack (2.2.3)
    webrick (1.7.0)

PLATFORMS
  ruby

DEPENDENCIES
  base64 (~> 0.2)
  functions_framework (~> 1.1)
  webrick (~> 1.7)

BUNDLED WITH
   2.3.5
