GEM
  remote: https://rubygems.org/
  specs:
    base64 (0.2.0)
    mustermann (2.0.2)
      ruby2_keywords (~> 0.0.1)
    mutex_m (0.3.0)
    nio4r (2.7.4)
    puma (5.6.9)
      nio4r (~> 2.0)
    rack (2.2.4)
    rack-protection (2.2.2)
      rack
    ruby2_keywords (0.0.5)
    sinatra (2.2.2)
      mustermann (~> 2.0)
      rack (~> 2.2)
      rack-protection (= 2.2.2)
      tilt (~> 2.0)
    tilt (2.0.11)

PLATFORMS
  ruby

DEPENDENCIES
  base64 (~> 0.2)
  mutex_m (~> 0.3.0)
  puma (~> 5.6)
  sinatra (~> 2.2)

BUNDLED WITH
   2.3.22
