GEM
  remote: https://rubygems.org/
  specs:
    base64 (0.2.0)
    cloud_events (0.1.2)
    functions_framework (0.7.0)
      cloud_events (~> 0.1)
      puma (~> 4.3)
      rack (~> 2.1)
    nio4r (2.5.4)
    puma (4.3.6)
      nio4r (~> 2.0)
    rack (2.2.3)

PLATFORMS
  ruby

DEPENDENCIES
  base64 (~> 0.2)
  functions_framework (~> 1.1)

RUBY VERSION
   ruby 2.6.0p0

BUNDLED WITH
   2.6.6
